PATH
  remote: .
  specs:
    auto_click (1.0.1)

GEM
  remote: http://rubygems.org/
  specs:

PLATFORMS
  x64-mingw-ucrt

DEPENDENCIES
  auto_click!

BUNDLED WITH
   2.4.20
